PATH
  remote: .
  specs:
    nxt_try (0.1.0)

GEM
  remote: https://rubygems.org/
  specs:
    rake (13.1.0)

PLATFORMS
  x86_64-darwin-22

DEPENDENCIES
  nxt_try!
  rake (~> 13.0)

BUNDLED WITH
   2.4.18
